GEM
  remote: https://rubygems.org/
  specs:
    activesupport (5.1.5)
      concurrent-ruby (~> 1.0, >= 1.0.2)
      i18n (~> 0.7)
      minitest (~> 5.1)
      tzinfo (~> 1.1)
    colorize (0.8.1)
    concurrent-ruby (1.0.5)
    diff-lcs (1.3)
    docker-api (1.34.0)
      excon (>= 0.47.0)
      multi_json
    excon (0.60.0)
    httpclient (2.8.3)
    i18n (0.9.5)
      concurrent-ruby (~> 1.0)
    middleware (0.1.0)
    minitest (5.11.3)
    multi_json (1.13.1)
    pg (1.0.0)
    protobuf (3.8.2)
      activesupport (>= 3.2)
      middleware
      thor
      thread_safe
    rake (12.3.0)
    rspec (3.7.0)
      rspec-core (~> 3.7.0)
      rspec-expectations (~> 3.7.0)
      rspec-mocks (~> 3.7.0)
    rspec-core (3.7.1)
      rspec-support (~> 3.7.0)
    rspec-expectations (3.7.0)
      diff-lcs (>= 1.2.0, < 2.0)
      rspec-support (~> 3.7.0)
    rspec-mocks (3.7.0)
      diff-lcs (>= 1.2.0, < 2.0)
      rspec-support (~> 3.7.0)
    rspec-support (3.7.1)
    thor (0.20.0)
    thread_safe (0.3.6)
    tzinfo (1.2.5)
      thread_safe (~> 0.1)

PLATFORMS
  ruby

DEPENDENCIES
  colorize!
  docker-api!
  httpclient!
  pg!
  protobuf!
  rake!
  rspec!

BUNDLED WITH
   1.16.1
